PATH
  remote: .
  specs:
    bitflyer (0.2.1)
      faraday (~> 0.14.0)
      faraday_middleware (~> 0.12.0)
      websocket-client-simple (~> 0.3.0)

GEM
  remote: https://rubygems.org/
  specs:
    diff-lcs (1.3)
    event_emitter (0.2.6)
    faraday (0.14.0)
      multipart-post (>= 1.2, < 3)
    faraday_middleware (0.12.2)
      faraday (>= 0.7.4, < 1.0)
    multipart-post (2.0.0)
    rake (12.3.0)
    rspec (3.7.0)
      rspec-core (~> 3.7.0)
      rspec-expectations (~> 3.7.0)
      rspec-mocks (~> 3.7.0)
    rspec-core (3.7.1)
      rspec-support (~> 3.7.0)
    rspec-expectations (3.7.0)
      diff-lcs (>= 1.2.0, < 2.0)
      rspec-support (~> 3.7.0)
    rspec-mocks (3.7.0)
      diff-lcs (>= 1.2.0, < 2.0)
      rspec-support (~> 3.7.0)
    rspec-support (3.7.1)
    websocket (1.2.8)
    websocket-client-simple (0.3.0)
      event_emitter
      websocket

PLATFORMS
  ruby

DEPENDENCIES
  bitflyer!
  bundler (~> 1.12)
  rake
  rspec

BUNDLED WITH
   1.17.2
